GIT
  remote: git://github.com/Shopify/active_fulfillment.git
  revision: 103bf11b3f3cb9638053b5415781f4b01335173c
  specs:
    active_fulfillment (1.0.3)
      active_utils (>= 1.0.1)
      activesupport (>= 2.3.11)
      builder (>= 2.0.0)

GIT
  remote: git://github.com/Shopify/active_shipping.git
  revision: 3e5b41101f7d70fd00eef99d479e1f9d143835ae
  specs:
    active_shipping (0.9.14)
      active_utils (>= 1.0.1)
      activesupport (>= 2.3.5)
      builder
      i18n
      json (>= 1.5.1)

GIT
  remote: git://github.com/ssoroka/redis-rb.git
  revision: 949568e96092494cf30811a5ef3a7cffbe31118e
  ref: 949568e
  branch: srem_patch
  specs:
    redis (2.2.2)

GEM
  remote: https://rubygems.org/
  specs:
    actionmailer (3.2.21)
      actionpack (= 3.2.21)
      mail (~> 2.5.4)
    actionpack (3.2.21)
      activemodel (= 3.2.21)
      activesupport (= 3.2.21)
      builder (~> 3.0.0)
      erubis (~> 2.7.0)
      journey (~> 1.0.4)
      rack (~> 1.4.5)
      rack-cache (~> 1.2)
      rack-test (~> 0.6.1)
      sprockets (~> 2.2.1)
    active_utils (1.0.5)
      activesupport (>= 2.3.11)
      i18n
    activemodel (3.2.21)
      activesupport (= 3.2.21)
      builder (~> 3.0.0)
    activerecord (3.2.21)
      activemodel (= 3.2.21)
      activesupport (= 3.2.21)
      arel (~> 3.0.2)
      tzinfo (~> 0.3.29)
    activeresource (3.2.21)
      activemodel (= 3.2.21)
      activesupport (= 3.2.21)
    activesupport (3.2.21)
      i18n (~> 0.6, >= 0.6.4)
      multi_json (~> 1.0)
    addressable (2.2.8)
    arel (3.0.3)
    bootstrap-will_paginate (0.0.8)
      will_paginate
    builder (3.0.4)
    capybara (1.1.2)
      mime-types (>= 1.16)
      nokogiri (>= 1.3.3)
      rack (>= 1.0.0)
      rack-test (>= 0.5.4)
      selenium-webdriver (~> 2.0)
      xpath (~> 0.1.4)
    childprocess (0.3.2)
      ffi (~> 1.0.6)
    coffee-rails (3.2.2)
      coffee-script (>= 2.2.0)
      railties (~> 3.2.0)
    coffee-script (2.2.0)
      coffee-script-source
      execjs
    coffee-script-source (1.3.3)
    commonjs (0.2.6)
    daemons (1.1.9)
    erubis (2.7.0)
    eventmachine (0.12.10)
    execjs (1.4.0)
      multi_json (~> 1.0)
    factory_girl (3.5.0)
      activesupport (>= 3.0.0)
    factory_girl_rails (3.5.0)
      factory_girl (~> 3.5.0)
      railties (>= 3.0.0)
    fakeweb (1.3.0)
    faraday (0.8.8)
      multipart-post (~> 1.2.0)
    ffi (1.0.11)
    hashie (2.0.5)
    hike (1.2.3)
    hiredis (0.4.5)
    httpauth (0.2.0)
    i18n (0.6.11)
    journey (1.0.4)
    jquery-rails (2.0.2)
      railties (>= 3.2.0, < 5.0)
      thor (~> 0.14)
    json (1.8.1)
    jwt (0.1.8)
      multi_json (>= 1.5)
    less (2.2.1)
      commonjs (~> 0.2.6)
    less-rails (2.2.3)
      actionpack (>= 3.1)
      less (~> 2.2.0)
    less-rails-bootstrap (2.0.13)
      less-rails (~> 2.2.0)
    libv8 (3.11.8.13)
    libwebsocket (0.1.3)
      addressable
    mail (2.5.4)
      mime-types (~> 1.16)
      treetop (~> 1.4.8)
    metaclass (0.0.1)
    mime-types (1.25.1)
    mini_portile2 (2.4.0)
    mocha (0.11.4)
      metaclass (~> 0.0.1)
    multi_json (1.10.1)
    multipart-post (1.2.0)
    nokogiri (1.10.8)
      mini_portile2 (~> 2.4.0)
    oauth2 (0.8.1)
      faraday (~> 0.8)
      httpauth (~> 0.1)
      jwt (~> 0.1.4)
      multi_json (~> 1.0)
      rack (~> 1.2)
    omniauth (1.1.4)
      hashie (>= 1.2, < 3)
      rack
    omniauth-oauth2 (1.1.1)
      oauth2 (~> 0.8.0)
      omniauth (~> 1.0)
    omniauth-shopify-oauth2 (1.1.2)
      omniauth-oauth2 (~> 1.1.1)
    polyglot (0.3.5)
    rack (1.4.5)
    rack-cache (1.2)
      rack (>= 0.4)
    rack-protection (1.2.0)
      rack
    rack-ssl (1.3.4)
      rack
    rack-test (0.6.2)
      rack (>= 1.0)
    rails (3.2.21)
      actionmailer (= 3.2.21)
      actionpack (= 3.2.21)
      activerecord (= 3.2.21)
      activeresource (= 3.2.21)
      activesupport (= 3.2.21)
      bundler (~> 1.0)
      railties (= 3.2.21)
    railties (3.2.21)
      actionpack (= 3.2.21)
      activesupport (= 3.2.21)
      rack-ssl (~> 1.3.2)
      rake (>= 0.8.7)
      rdoc (~> 3.4)
      thor (>= 0.14.6, < 2.0)
    rake (10.3.2)
    rdoc (3.12.2)
      json (~> 1.4)
    redis-namespace (1.0.4)
      redis (< 3.0.0)
    ref (1.0.2)
    resque (1.20.0)
      multi_json (~> 1.0)
      redis-namespace (~> 1.0.2)
      sinatra (>= 0.9.2)
      vegas (~> 0.1.2)
    rubyzip (0.9.9)
    sass (3.1.19)
    sass-rails (3.2.5)
      railties (~> 3.2.0)
      sass (>= 3.1.10)
      tilt (~> 1.3)
    selenium-webdriver (2.24.0)
      childprocess (>= 0.2.5)
      libwebsocket (~> 0.1.3)
      multi_json (~> 1.0)
      rubyzip
    shopify_api (3.0.3)
      activeresource (>= 3.0.0)
      thor (>= 0.14.4)
    shopify_app (4.2.3)
      less-rails-bootstrap (~> 2.0)
      omniauth-shopify-oauth2 (= 1.1.2)
      rails (>= 3.1, < 5.0)
      shopify_api (~> 3.0.0)
    shoulda (3.0.1)
      shoulda-context (~> 1.0.0)
      shoulda-matchers (~> 1.0.0)
    shoulda-context (1.0.0)
    shoulda-matchers (1.0.0)
    simple_form (2.0.2)
      actionpack (~> 3.0)
      activemodel (~> 3.0)
    sinatra (1.3.2)
      rack (~> 1.3, >= 1.3.6)
      rack-protection (~> 1.2)
      tilt (~> 1.3, >= 1.3.3)
    sprockets (2.2.3)
      hike (~> 1.2)
      multi_json (~> 1.0)
      rack (~> 1.0)
      tilt (~> 1.1, != 1.3.0)
    sqlite3 (1.3.6)
    state_machine (1.1.2)
    therubyracer (0.11.3)
      libv8 (~> 3.11.8.12)
      ref
    thin (1.4.1)
      daemons (>= 1.0.9)
      eventmachine (>= 0.12.6)
      rack (>= 1.0.0)
    thor (0.19.1)
    tilt (1.4.1)
    treetop (1.4.15)
      polyglot
      polyglot (>= 0.3.1)
    tzinfo (0.3.42)
    vegas (0.1.11)
      rack (>= 1.0.0)
    will_paginate (3.0.5)
    xpath (0.1.4)
      nokogiri (~> 1.3)

PLATFORMS
  ruby

DEPENDENCIES
  active_fulfillment (= 1.0.3)!
  active_shipping (= 0.9.14)!
  bootstrap-will_paginate
  capybara
  coffee-rails (~> 3.2.1)
  factory_girl_rails (~> 3.0)
  fakeweb (~> 1.3.0)
  hiredis (~> 0.4.5)
  jquery-rails
  less-rails-bootstrap
  mocha (~> 0.11.4)
  rails (~> 3.2.20)
  redis (~> 2.2.0)!
  resque
  sass-rails (~> 3.2.3)
  shopify_api
  shopify_app
  shoulda (~> 3.0.1)
  simple_form
  sqlite3 (~> 1.3.6)
  state_machine (~> 1.1.2)
  therubyracer
  thin
  will_paginate (~> 3.0.3)
